GEM
  remote: https://rubygems.org/
  specs:
    atk (4.3.3)
      glib2 (= 4.3.3)
      rake
    bigdecimal (3.2.3)
    cairo (1.18.4)
      native-package-installer (>= 1.0.3)
      pkg-config (>= 1.2.2)
      red-colors
    cairo-gobject (4.3.3)
      cairo (>= 1.16.2)
      glib2 (= 4.3.3)
    fiddle (1.1.8)
    gdk3 (4.3.3)
      cairo-gobject (= 4.3.3)
      gdk_pixbuf2 (= 4.3.3)
      pango (= 4.3.3)
      rake
    gdk_pixbuf2 (4.3.3)
      gio2 (= 4.3.3)
      rake
    gio2 (4.3.3)
      fiddle
      gobject-introspection (= 4.3.3)
    glib2 (4.3.3)
      native-package-installer (>= 1.0.3)
      pkg-config (>= 1.3.5)
    gobject-introspection (4.3.3)
      glib2 (= 4.3.3)
    gtk3 (4.3.3)
      atk (= 4.3.3)
      gdk3 (= 4.3.3)
    json (2.15.0)
    matrix (0.4.3)
    native-package-installer (1.1.9)
    pango (4.3.3)
      cairo-gobject (= 4.3.3)
      gobject-introspection (= 4.3.3)
    pdf-core (0.10.0)
    pkg-config (1.6.4)
    prawn (2.5.0)
      matrix (~> 0.4)
      pdf-core (~> 0.10.0)
      ttfunk (~> 1.8)
    rake (13.3.0)
    red-colors (0.4.0)
      json
      matrix
    redcarpet (3.6.1)
    rouge (4.6.1)
    ttfunk (1.8.0)
      bigdecimal (~> 3.1)
    webkit2-gtk (4.3.3)
      gtk3 (= 4.3.3)
      rake

PLATFORMS
  ruby
  x86_64-linux

DEPENDENCIES
  gtk3
  prawn
  redcarpet
  rouge
  webkit2-gtk

BUNDLED WITH
   2.7.2
